GEM
  remote: https://rubygems.org/
  specs:
    base62 (1.0.0)

PLATFORMS
  x64-mingw32

DEPENDENCIES
  base62 (= 1.0.0)

BUNDLED WITH
   2.1.4
